PATH
  remote: .
  specs:
    actie_smsc (0.0.1)
      faraday

GEM
  remote: https://rubygems.org/
  specs:
    addressable (2.7.0)
      public_suffix (>= 2.0.2, < 5.0)
    coderay (1.1.3)
    crack (0.4.4)
    diff-lcs (1.4.4)
    faraday (1.1.0)
      multipart-post (>= 1.2, < 3)
      ruby2_keywords
    hashdiff (1.0.1)
    method_source (1.0.0)
    multipart-post (2.1.1)
    pry (0.14.1)
      coderay (~> 1.1)
      method_source (~> 1.0)
    public_suffix (4.0.6)
    rake (13.0.1)
    rspec (3.10.0)
      rspec-core (~> 3.10.0)
      rspec-expectations (~> 3.10.0)
      rspec-mocks (~> 3.10.0)
    rspec-core (3.10.0)
      rspec-support (~> 3.10.0)
    rspec-expectations (3.10.0)
      diff-lcs (>= 1.2.0, < 2.0)
      rspec-support (~> 3.10.0)
    rspec-mocks (3.10.0)
      diff-lcs (>= 1.2.0, < 2.0)
      rspec-support (~> 3.10.0)
    rspec-support (3.10.0)
    ruby2_keywords (0.0.2)
    timecop (0.9.2)
    webmock (3.10.0)
      addressable (>= 2.3.6)
      crack (>= 0.3.2)
      hashdiff (>= 0.4.0, < 2.0.0)

PLATFORMS
  ruby

DEPENDENCIES
  actie_smsc!
  bundler
  pry
  rake
  rspec
  timecop
  webmock

BUNDLED WITH
   1.17.3
